GEM
  remote: https://rubygems.org/
  specs:
    Ascii85 (1.0.3)
    afm (0.2.2)
    combine_pdf (1.0.22)
      matrix
      ruby-rc4 (>= 0.1.5)
    hashery (2.1.2)
    matrix (0.4.2)
    pdf-page-count (1.0.2)
      pdf-reader (= 1.3.3)
      thread (= 0.1.3)
    pdf-reader (1.3.3)
      Ascii85 (~> 1.0.0)
      afm (~> 0.2.0)
      hashery (~> 2.0)
      ruby-rc4
      ttfunk
    ruby-rc4 (0.1.5)
    thread (0.1.3)
    ttfunk (1.7.0)

PLATFORMS
  universal-java-1.8
  x86_64-linux

DEPENDENCIES
  combine_pdf (>= 1.0)
  pdf-page-count (~> 1.0, >= 1.0.2)

BUNDLED WITH
   2.3.8
